PATH
  remote: .
  specs:
    racecar (2.8.2)
      concurrent-ruby
      king_konf (~> 1.0.0)
      rdkafka (~> 0.12.0)

GEM
  remote: https://rubygems.org/
  specs:
    activesupport (5.2.6)
      concurrent-ruby (~> 1.0, >= 1.0.2)
      i18n (>= 0.7, < 2)
      minitest (~> 5.1)
      tzinfo (~> 1.1)
    coderay (1.1.3)
    concurrent-ruby (1.1.9)
    diff-lcs (1.4.4)
    dogstatsd-ruby (5.2.0)
    ffi (1.15.5)
    i18n (1.8.10)
      concurrent-ruby (~> 1.0)
    king_konf (1.0.0)
    method_source (1.0.0)
    mini_portile2 (2.8.0)
    minitest (5.14.4)
    pry (0.13.1)
      coderay (~> 1.1)
      method_source (~> 1.0)
    rake (13.0.1)
    rdkafka (0.12.0)
      ffi (~> 1.15)
      mini_portile2 (~> 2.6)
      rake (> 12)
    rspec (3.10.0)
      rspec-core (~> 3.10.0)
      rspec-expectations (~> 3.10.0)
      rspec-mocks (~> 3.10.0)
    rspec-core (3.10.1)
      rspec-support (~> 3.10.0)
    rspec-expectations (3.10.1)
      diff-lcs (>= 1.2.0, < 2.0)
      rspec-support (~> 3.10.0)
    rspec-mocks (3.10.2)
      diff-lcs (>= 1.2.0, < 2.0)
      rspec-support (~> 3.10.0)
    rspec-support (3.10.2)
    thread_safe (0.3.6)
    timecop (0.9.2)
    tzinfo (1.2.10)
      thread_safe (~> 0.1)

PLATFORMS
  ruby

DEPENDENCIES
  activesupport (< 6.0)
  bundler (>= 1.13, < 3)
  dogstatsd-ruby (>= 4.0.0, < 6.0.0)
  pry
  racecar!
  rake (> 10.0)
  rspec (~> 3.0)
  timecop

BUNDLED WITH
   2.3.7
